PATH
  remote: .
  specs:
    open_gpx_2_kml (1.0.3)
      builder (= 3.1.4)
      geo_swap (= 0.2.1)
      nokogiri (= 1.5.6)
      rubyzip (= 0.9.9)
      thor (= 0.17.0)

GEM
  remote: https://rubygems.org/
  specs:
    builder (3.1.4)
    coderay (1.0.8)
    diff-lcs (1.1.3)
    geo_swap (0.2.1)
    method_source (0.8.1)
    nokogiri (1.5.6)
    pry (0.9.11.4)
      coderay (~> 1.0.5)
      method_source (~> 0.8)
      slop (~> 3.4)
    rake (10.0.3)
    rspec (2.12.0)
      rspec-core (~> 2.12.0)
      rspec-expectations (~> 2.12.0)
      rspec-mocks (~> 2.12.0)
    rspec-core (2.12.2)
    rspec-expectations (2.12.1)
      diff-lcs (~> 1.1.3)
    rspec-mocks (2.12.1)
    rubyzip (0.9.9)
    slop (3.4.3)
    thor (0.17.0)
    timecop (0.5.9.2)

PLATFORMS
  ruby

DEPENDENCIES
  open_gpx_2_kml!
  pry (= 0.9.11.4)
  rake (= 10.0.3)
  rspec (= 2.12.0)
  timecop (= 0.5.9.2)
