GEM
  remote: https://rubygems.org/
  specs:
    builder (3.1.4)
    diff-lcs (1.1.3)
    geoutm (1.0.1)
    nokogiri (1.5.6)
    rspec (2.12.0)
      rspec-core (~> 2.12.0)
      rspec-expectations (~> 2.12.0)
      rspec-mocks (~> 2.12.0)
    rspec-core (2.12.2)
    rspec-expectations (2.12.1)
      diff-lcs (~> 1.1.3)
    rspec-mocks (2.12.1)
    thor (0.16.0)

PLATFORMS
  ruby

DEPENDENCIES
  builder
  geoutm
  nokogiri
  rspec
  thor
