PATH
  remote: /Users/ethanvizitei/Code/12spokes/gpx2kml
  specs:
    gpx2kml (0.0.1)
      mini_exiftool
      nokogiri

GEM
  remote: https://rubygems.org/
  specs:
    builder (3.1.4)
    coderay (1.0.8)
    diff-lcs (1.1.3)
    geo_swap (0.2.0)
    geoutm (1.0.1)
    method_source (0.8.1)
    mini_exiftool (1.6.0)
    nokogiri (1.5.6)
    pry (0.9.11.4)
      coderay (~> 1.0.5)
      method_source (~> 0.8)
      slop (~> 3.4)
    rspec (2.12.0)
      rspec-core (~> 2.12.0)
      rspec-expectations (~> 2.12.0)
      rspec-mocks (~> 2.12.0)
    rspec-core (2.12.2)
    rspec-expectations (2.12.1)
      diff-lcs (~> 1.1.3)
    rspec-mocks (2.12.1)
    slop (3.4.3)
    thor (0.16.0)

PLATFORMS
  ruby

DEPENDENCIES
  builder
  geo_swap (= 0.2.0)
  geoutm
  gpx2kml!
  nokogiri
  pry
  rspec
  thor
